GEM
  remote: https://rubygems.org/
  specs:
    active_record_tasks (1.0.4)
      activerecord (>= 4.0)
      rainbow
      rake
    activemodel (4.1.1)
      activesupport (= 4.1.1)
      builder (~> 3.1)
    activerecord (4.1.1)
      activemodel (= 4.1.1)
      activesupport (= 4.1.1)
      arel (~> 5.0.0)
    activesupport (4.1.1)
      i18n (~> 0.6, >= 0.6.9)
      json (~> 1.7, >= 1.7.7)
      minitest (~> 5.1)
      thread_safe (~> 0.1)
      tzinfo (~> 1.1)
    arel (5.0.1.20140414130214)
    builder (3.2.2)
    diff-lcs (1.2.5)
    faraday (0.9.0)
      multipart-post (>= 1.2, < 3)
    geocoder (1.2.1)
    gmaps4rails (2.1.2)
    hashie (2.1.1)
    httpauth (0.2.1)
    i18n (0.6.9)
    json (1.8.1)
    jwt (0.1.13)
      multi_json (>= 1.5)
    minitest (5.3.4)
    multi_json (1.10.1)
    multipart-post (2.0.0)
    oauth2 (0.8.1)
      faraday (~> 0.8)
      httpauth (~> 0.1)
      jwt (~> 0.1.4)
      multi_json (~> 1.0)
      rack (~> 1.2)
    omniauth (1.2.1)
      hashie (>= 1.2, < 3)
      rack (~> 1.0)
    omniauth-facebook (1.4.0)
      omniauth-oauth2 (~> 1.0.2)
    omniauth-oauth2 (1.0.3)
      oauth2 (~> 0.8.0)
      omniauth (~> 1.0)
    pg (0.17.1)
    rack (1.5.2)
    rainbow (2.0.0)
    rake (10.3.2)
    rspec (2.14.1)
      rspec-core (~> 2.14.0)
      rspec-expectations (~> 2.14.0)
      rspec-mocks (~> 2.14.0)
    rspec-core (2.14.8)
    rspec-expectations (2.14.5)
      diff-lcs (>= 1.1.3, < 2.0)
    rspec-mocks (2.14.6)
    thread_safe (0.3.3)
    timecop (0.7.1)
    tzinfo (1.2.0)
      thread_safe (~> 0.1)

PLATFORMS
  ruby

DEPENDENCIES
  active_record_tasks (~> 1.0.3)
  activemodel (~> 4.1)
  activerecord (~> 4.1.0)
  geocoder
  gmaps4rails
  omniauth
  omniauth-facebook (= 1.4.0)
  pg
  rspec (~> 2.14.1)
  timecop (~> 0.7.1)
